PATH
  remote: .
  specs:
    qube_sync (0.1.0)
      faraday

GEM
  remote: https://rubygems.org/
  specs:
    diff-lcs (1.5.1)
    faraday (2.12.2)
      faraday-net_http (>= 2.0, < 3.5)
      json
      logger
    faraday-net_http (3.4.0)
      net-http (>= 0.5.0)
    json (2.9.1)
    logger (1.6.5)
    net-http (0.6.0)
      uri
    rake (13.2.1)
    rspec (3.13.0)
      rspec-core (~> 3.13.0)
      rspec-expectations (~> 3.13.0)
      rspec-mocks (~> 3.13.0)
    rspec-core (3.13.2)
      rspec-support (~> 3.13.0)
    rspec-expectations (3.13.3)
      diff-lcs (>= 1.2.0, < 2.0)
      rspec-support (~> 3.13.0)
    rspec-mocks (3.13.2)
      diff-lcs (>= 1.2.0, < 2.0)
      rspec-support (~> 3.13.0)
    rspec-support (3.13.2)
    uri (1.0.2)

PLATFORMS
  arm64-darwin-22
  ruby

DEPENDENCIES
  qube_sync!
  rake (~> 13.0)
  rspec (~> 3.0)

BUNDLED WITH
   2.5.3
